GEM
  remote: http://rubygems.org/
  specs:
    bio-logger (1.0.0)
      log4r (>= 1.1.9)
    git (1.2.5)
    jeweler (1.6.4)
      bundler (~> 1.0)
      git (>= 1.2.5)
      rake
    log4r (1.1.9)
    nokogiri (1.5.0)
    rake (0.9.2)

PLATFORMS
  ruby

DEPENDENCIES
  bio-logger (>= 1.0.0)
  bundler (~> 1.0.15)
  jeweler (~> 1.6.4)
  nokogiri (>= 1.5.0)
