GEM
  remote: http://rubygems.org/
  specs:
    bio-logger (0.9.0)
      log4r (>= 1.1.9)
    diff-lcs (1.1.2)
    git (1.2.5)
    jeweler (1.5.2)
      bundler (~> 1.0.0)
      git (>= 1.2.5)
      rake
    log4r (1.1.9)
    nokogiri (1.5.0)
    rake (0.9.2)
    rcov (0.9.9)
    rspec (2.3.0)
      rspec-core (~> 2.3.0)
      rspec-expectations (~> 2.3.0)
      rspec-mocks (~> 2.3.0)
    rspec-core (2.3.1)
    rspec-expectations (2.3.0)
      diff-lcs (~> 1.1.2)
    rspec-mocks (2.3.0)

PLATFORMS
  ruby

DEPENDENCIES
  bio-logger (> 0.8.0)
  bundler (~> 1.0.0)
  jeweler (~> 1.5.2)
  nokogiri (>= 1.4.4)
  rcov
  rspec (~> 2.3.0)
