GEM
  remote: http://rubygems.org/
  specs:
    bio-logger (1.0.0)
      log4r (>= 1.1.9)
    diff-lcs (1.1.3)
    git (1.2.5)
    jeweler (1.5.2)
      bundler (~> 1.0.0)
      git (>= 1.2.5)
      rake
    json (1.6.5)
    log4r (1.1.9)
    nokogiri (1.5.0)
    rake (0.9.2.2)
    rdoc (3.12)
      json (~> 1.4)
    rspec (2.8.0)
      rspec-core (~> 2.8.0)
      rspec-expectations (~> 2.8.0)
      rspec-mocks (~> 2.8.0)
    rspec-core (2.8.0)
    rspec-expectations (2.8.0)
      diff-lcs (~> 1.1.2)
    rspec-mocks (2.8.0)

PLATFORMS
  ruby

DEPENDENCIES
  bio-logger (>= 1.0.0)
  bundler (~> 1.0.15)
  jeweler (~> 1.5.2)
  nokogiri (>= 1.5.0)
  rake (>= 0.9.2.2)
  rdoc (>= 2.4.2)
  rspec (>= 2.3.0)
